GEM
  remote: https://rubygems.org/
  specs:
    addressable (2.8.7)
      public_suffix (>= 2.0.2, < 7.0)
    base64 (0.3.0)
    bigdecimal (3.2.2)
    concurrent-ruby (1.3.5)
    json-schema (3.0.0)
      addressable (>= 2.8)
    jwt (2.10.1)
      base64
    language_server-protocol (3.17.0.4)
    logger (1.7.0)
    net-http (0.6.0)
      uri
    nio4r (2.7.4)
    prism (1.4.0)
    public_suffix (6.0.2)
    puma (6.6.0)
      nio4r (~> 2.0)
    rack (3.1.16)
    rbs (3.9.2)
      logger
    ruby-lsp (0.23.16)
      language_server-protocol (~> 3.17.0)
      prism (>= 1.2, < 2.0)
      rbs (>= 3, < 4)
      sorbet-runtime (>= 0.5.10782)
    sorbet-runtime (0.5.12053)
    uri (1.0.3)
    vector_mcp (0.3.2)
      base64 (~> 0.2)
      bigdecimal (~> 3.1)
      concurrent-ruby (~> 1.2)
      json-schema (~> 3.0)
      jwt (~> 2.7)
      puma (~> 6.4)
      rack (~> 3.0)

PLATFORMS
  arm64-darwin-24

DEPENDENCIES
  net-http
  ruby-lsp
  vector_mcp (= 0.3.2)

BUNDLED WITH
   2.6.7
